GEM
  remote: http://rubygems.org/
  specs:
    amazon-ec2 (0.9.17)
      xml-simple (>= 1.0.12)
    git (1.2.5)
    jeweler (1.5.2)
      bundler (~> 1.0.0)
      git (>= 1.2.5)
      rake
    net-ssh (2.1.4)
    rake (0.9.2)
    rcov (0.9.9)
    shoulda (2.11.3)
    xml-simple (1.1.0)

PLATFORMS
  ruby

DEPENDENCIES
  amazon-ec2 (>= 0.9.17)
  bundler (~> 1.0.0)
  jeweler (~> 1.5.2)
  net-ssh (>= 2.1.4)
  rcov
  shoulda
